GIT
  remote: https://github.com/CocoaPods/CLAide.git
  revision: 4cb13d48a907d8acf8d398f1104843df029def6d
  specs:
    claide (0.8.1)

GIT
  remote: https://github.com/CocoaPods/CocoaPods.git
  revision: 988dbba97ccfa126033c8393b0ce7ffcd1f23780
  specs:
    cocoapods (0.36.0.rc.1)
      activesupport (>= 3.2.15)
      claide (~> 0.8.1)
      cocoapods-core (= 0.36.0.rc.1)
      cocoapods-downloader (~> 0.8.1)
      cocoapods-plugins (~> 0.4.1)
      cocoapods-trunk (~> 0.5.1)
      cocoapods-try (~> 0.4.3)
      colored (~> 1.2)
      escape (~> 0.0.4)
      molinillo (~> 0.2.1)
      nap (~> 0.8)
      open4 (~> 1.3)
      xcodeproj (~> 0.22.0)

GIT
  remote: https://github.com/CocoaPods/Core.git
  revision: 1e73cdf6ae1a715723774af151915a2c4a09ed42
  specs:
    cocoapods-core (0.36.0.rc.1)
      activesupport (>= 3.2.15)
      fuzzy_match (~> 2.0.4)
      nap (~> 0.8.0)

GIT
  remote: https://github.com/CocoaPods/Xcodeproj.git
  revision: d164f5531293692cc5304dd4cdcc1ed85c53da69
  specs:
    xcodeproj (0.22.0)
      activesupport (>= 3)
      colored (~> 1.2)

GEM
  remote: https://rubygems.org/
  specs:
    activesupport (4.2.0)
      i18n (~> 0.7)
      json (~> 1.7, >= 1.7.7)
      minitest (~> 5.1)
      thread_safe (~> 0.3, >= 0.3.4)
      tzinfo (~> 1.1)
    cocoapods-downloader (0.8.1)
    cocoapods-plugins (0.4.1)
      nap
    cocoapods-trunk (0.5.1)
      nap (>= 0.8)
      netrc (= 0.7.8)
    cocoapods-try (0.4.3)
    colored (1.2)
    escape (0.0.4)
    fuzzy_match (2.0.4)
    i18n (0.7.0)
    json (1.8.2)
    minitest (5.5.1)
    molinillo (0.2.1)
    nap (0.8.0)
    netrc (0.7.8)
    open4 (1.3.4)
    thread_safe (0.3.4)
    tzinfo (1.2.2)
      thread_safe (~> 0.1)

PLATFORMS
  ruby

DEPENDENCIES
  claide!
  cocoapods!
  cocoapods-core!
  xcodeproj!
